GIT
  remote: git://github.com/radar/forem-theme-base.git
  revision: 218ddc3f021756858c1b642139dfe65747adec3d
  specs:
    forem-theme-base (0.0.1)

GIT
  remote: git://github.com/radar/forem.git
  revision: fb37858a51cfc8fe2ccd113e61af42546091fd27
  branch: rails4
  specs:
    forem (1.0.0.beta1)
      cancancan (~> 1.7)
      decorators (~> 1.0.2)
      friendly_id (~> 5.0.0)
      gemoji (= 2.1.0)
      rails (~> 4.0, != 4.2.3, != 4.2.2, != 4.2.1, != 4.2.0)
      sanitize (= 2.0.6)
      select2-rails (~> 3.5.4)
      simple_form (~> 3.0)
      workflow (= 1.0.0)

GEM
  remote: https://rubygems.org/
  specs:
    actionmailer (4.2.6)
      actionpack (= 4.2.6)
      actionview (= 4.2.6)
      activejob (= 4.2.6)
      mail (~> 2.5, >= 2.5.4)
      rails-dom-testing (~> 1.0, >= 1.0.5)
    actionpack (4.2.6)
      actionview (= 4.2.6)
      activesupport (= 4.2.6)
      rack (~> 1.6)
      rack-test (~> 0.6.2)
      rails-dom-testing (~> 1.0, >= 1.0.5)
      rails-html-sanitizer (~> 1.0, >= 1.0.2)
    actionview (4.2.6)
      activesupport (= 4.2.6)
      builder (~> 3.1)
      erubis (~> 2.7.0)
      rails-dom-testing (~> 1.0, >= 1.0.5)
      rails-html-sanitizer (~> 1.0, >= 1.0.2)
    activejob (4.2.6)
      activesupport (= 4.2.6)
      globalid (>= 0.3.0)
    activemodel (4.2.6)
      activesupport (= 4.2.6)
      builder (~> 3.1)
    activerecord (4.2.6)
      activemodel (= 4.2.6)
      activesupport (= 4.2.6)
      arel (~> 6.0)
    activesupport (4.2.6)
      i18n (~> 0.7)
      json (~> 1.7, >= 1.7.7)
      minitest (~> 5.1)
      thread_safe (~> 0.3, >= 0.3.4)
      tzinfo (~> 1.1)
    addressable (2.4.0)
    airbrussh (1.1.1)
      sshkit (>= 1.6.1, != 1.7.0)
    annotate (2.7.1)
      activerecord (>= 3.2, < 6.0)
      rake (>= 10.4, < 12.0)
    arel (6.0.3)
    authorizenet (1.9.0.1)
      activesupport (= 4.2.6)
      nokogiri (~> 1.6, >= 1.6.4)
      roxml (= 3.3.1)
    autonumeric-rails (1.9.43)
      jquery-rails (>= 2.0.2)
    autoprefixer-rails (6.4.1.1)
      execjs
    axiom-types (0.1.1)
      descendants_tracker (~> 0.0.4)
      ice_nine (~> 0.11.0)
      thread_safe (~> 0.3, >= 0.3.1)
    axlsx (2.0.1)
      htmlentities (~> 4.3.1)
      nokogiri (>= 1.4.1)
      rubyzip (~> 1.0.0)
    axlsx_rails (0.5.0)
      actionpack (>= 3.1)
      axlsx (>= 2.0.1)
    bcrypt (3.1.11)
    better_errors (2.1.1)
      coderay (>= 1.0.0)
      erubis (>= 2.6.6)
      rack (>= 0.9.0)
    binding_of_caller (0.7.2)
      debug_inspector (>= 0.0.1)
    bootstrap-sass (3.3.7)
      autoprefixer-rails (>= 5.2.1)
      sass (>= 3.3.4)
    bootstrap-select-rails (1.6.3)
    builder (3.2.2)
    bullet (5.4.0)
      activesupport (>= 3.0.0)
      uniform_notifier (~> 1.10.0)
    byebug (4.0.5)
      columnize (= 0.9.0)
    callsite (0.0.11)
    cancancan (1.15.0)
    canonical-rails (0.1.1)
      rails (>= 4.1, < 5.1)
    capistrano (3.5.0)
      airbrussh (>= 1.0.0)
      capistrano-harrow
      i18n
      rake (>= 10.0.0)
      sshkit (>= 1.9.0)
    capistrano-bundler (1.1.4)
      capistrano (~> 3.1)
      sshkit (~> 1.2)
    capistrano-harrow (0.5.3)
    capistrano-passenger (0.2.0)
      capistrano (~> 3.0)
    capistrano-rails (1.1.8)
      capistrano (~> 3.1)
      capistrano-bundler (~> 1.1)
    capistrano-rvm (0.1.2)
      capistrano (~> 3.0)
      sshkit (~> 1.2)
    capistrano-sidekiq (0.5.4)
      capistrano
      sidekiq (>= 3.4)
    capistrano-ssh-doctor (1.0.0)
      capistrano (>= 3.1)
    carrierwave (0.10.0)
      activemodel (>= 3.2.0)
      activesupport (>= 3.2.0)
      json (>= 1.7)
      mime-types (>= 1.16)
    celluloid (0.17.3)
      celluloid-essentials
      celluloid-extras
      celluloid-fsm
      celluloid-pool
      celluloid-supervision
      timers (>= 4.1.1)
    celluloid-essentials (0.20.5)
      timers (>= 4.1.1)
    celluloid-extras (0.20.5)
      timers (>= 4.1.1)
    celluloid-fsm (0.20.5)
      timers (>= 4.1.1)
    celluloid-pool (0.20.5)
      timers (>= 4.1.1)
    celluloid-supervision (0.20.6)
      timers (>= 4.1.1)
    choice (0.2.0)
    chronic (0.10.2)
    cocoon (1.2.9)
    coderay (1.1.1)
    coercible (1.0.0)
      descendants_tracker (~> 0.0.1)
    coffee-rails (4.0.1)
      coffee-script (>= 2.2.0)
      railties (>= 4.0.0, < 5.0)
    coffee-script (2.4.1)
      coffee-script-source
      execjs
    coffee-script-source (1.10.0)
    columnize (0.9.0)
    concurrent-ruby (1.0.2)
    connection_pool (2.2.0)
    countries (1.2.5)
      currencies (~> 0.4.2)
      i18n_data (~> 0.7.0)
    country_select (2.5.2)
      countries (~> 1.2.0)
      sort_alphabetical (~> 1.0)
    csv-importer (0.3.1)
      virtus
    currencies (0.4.2)
    database_cleaner (1.5.3)
    debug_inspector (0.0.2)
    decorators (1.0.5)
      railties (>= 3.0.19)
    descendants_tracker (0.0.4)
      thread_safe (~> 0.3, >= 0.3.1)
    devise (3.5.10)
      bcrypt (~> 3.0)
      orm_adapter (~> 0.1)
      railties (>= 3.2.6, < 5)
      responders
      thread_safe (~> 0.1)
      warden (~> 1.2.3)
    devise_invitable (1.6.1)
      actionmailer (>= 3.2.6)
      devise (>= 3.2.0)
    diff-lcs (1.2.5)
    dotenv (2.1.1)
    dotenv-rails (2.1.1)
      dotenv (= 2.1.1)
      railties (>= 4.0, < 5.1)
    enumerize (0.11.0)
      activesupport (>= 3.2)
    equalizer (0.0.11)
    erubis (2.7.0)
    execjs (2.7.0)
    factory_girl (4.7.0)
      activesupport (>= 3.0.0)
    factory_girl_rails (4.7.0)
      factory_girl (~> 4.7.0)
      railties (>= 3.0.0)
    ffaker (2.2.0)
    figaro (1.1.1)
      thor (~> 0.14)
    font-awesome-rails (4.6.3.1)
      railties (>= 3.2, < 5.1)
    friendly_id (5.0.5)
      activerecord (>= 4.0.0)
    gemoji (2.1.0)
    git-version-bump (0.15.1)
    globalid (0.3.7)
      activesupport (>= 4.1.0)
    hitimes (1.2.4)
    htmlentities (4.3.4)
    i18n (0.7.0)
    i18n_data (0.7.0)
    ice_cube (0.14.0)
    ice_nine (0.11.2)
    jbuilder (1.5.3)
      activesupport (>= 3.0.0)
      multi_json (>= 1.2.0)
    jquery-rails (4.0.5)
      rails-dom-testing (~> 1.0)
      railties (>= 4.2.0)
      thor (>= 0.14, < 2.0)
    jquery-turbolinks (2.1.0)
      railties (>= 3.1.0)
      turbolinks
    jquery-ui-rails (5.0.5)
      railties (>= 3.2.16)
    json (1.8.3)
    kaminari (0.17.0)
      actionpack (>= 3.0.0)
      activesupport (>= 3.0.0)
    launchy (2.4.3)
      addressable (~> 2.3)
    letter_opener (1.4.1)
      launchy (~> 2.2)
    loofah (2.0.3)
      nokogiri (>= 1.5.9)
    mail (2.6.4)
      mime-types (>= 1.16, < 4)
    meta_request (0.3.4)
      callsite (~> 0.0, >= 0.0.11)
      rack-contrib (~> 1.1)
      railties (>= 3.0.0, < 5.0.0)
    method_source (0.8.2)
    mime-types (3.1)
      mime-types-data (~> 3.2015)
    mime-types-data (3.2016.0521)
    mini_magick (4.5.1)
    mini_portile2 (2.1.0)
    minitest (5.9.0)
    multi_json (1.12.1)
    net-scp (1.2.1)
      net-ssh (>= 2.6.5)
    net-ssh (3.2.0)
    nokogiri (1.6.8)
      mini_portile2 (~> 2.1.0)
      pkg-config (~> 1.1.7)
    orm_adapter (0.5.0)
    parsley-rails (2.0.7.0)
      railties (>= 3.0.0)
    passenger (5.0.30)
      rack
      rake (>= 0.8.1)
    pg (0.18.4)
    pkg-config (1.1.7)
    polyglot (0.3.5)
    pry (0.10.4)
      coderay (~> 1.1.0)
      method_source (~> 0.8.1)
      slop (~> 3.4)
    pry-byebug (3.1.0)
      byebug (~> 4.0)
      pry (~> 0.10)
    pry-rails (0.3.4)
      pry (>= 0.9.10)
    public_activity (1.5.0)
      actionpack (>= 3.0.0)
      activerecord (>= 3.0)
      i18n (>= 0.5.0)
      railties (>= 3.0.0)
    pundit (1.0.1)
      activesupport (>= 3.0.0)
    rack (1.6.4)
    rack-contrib (1.4.0)
      git-version-bump (~> 0.15)
      rack (~> 1.4)
    rack-protection (1.5.3)
      rack
    rack-rewrite (1.5.1)
    rack-test (0.6.3)
      rack (>= 1.0)
    rails (4.2.6)
      actionmailer (= 4.2.6)
      actionpack (= 4.2.6)
      actionview (= 4.2.6)
      activejob (= 4.2.6)
      activemodel (= 4.2.6)
      activerecord (= 4.2.6)
      activesupport (= 4.2.6)
      bundler (>= 1.3.0, < 2.0)
      railties (= 4.2.6)
      sprockets-rails
    rails-deprecated_sanitizer (1.0.3)
      activesupport (>= 4.2.0.alpha)
    rails-dom-testing (1.0.7)
      activesupport (>= 4.2.0.beta, < 5.0)
      nokogiri (~> 1.6.0)
      rails-deprecated_sanitizer (>= 1.0.1)
    rails-erd (1.5.0)
      activerecord (>= 3.2)
      activesupport (>= 3.2)
      choice (~> 0.2.0)
      ruby-graphviz (~> 1.2)
    rails-html-sanitizer (1.0.3)
      loofah (~> 2.0)
    rails-i18n (4.0.9)
      i18n (~> 0.7)
      railties (~> 4.0)
    rails-settings-cached (0.6.5)
      rails (>= 4.2.0)
    railties (4.2.6)
      actionpack (= 4.2.6)
      activesupport (= 4.2.6)
      rake (>= 0.8.7)
      thor (>= 0.18.1, < 2.0)
    rake (11.3.0)
    rdoc (4.2.2)
      json (~> 1.4)
    recaptcha (3.3.0)
      json
    redis (3.3.1)
    remotipart (1.3.0)
    responders (2.3.0)
      railties (>= 4.2.0, < 5.1)
    rollbar (2.13.3)
      multi_json
    roo (1.13.2)
      nokogiri
      rubyzip
      spreadsheet (> 0.6.4)
    roxml (3.3.1)
      activesupport (>= 2.3.0)
      nokogiri (>= 1.3.3)
    rspec-core (3.5.0.beta1)
      rspec-support (= 3.5.0.beta1)
    rspec-expectations (3.5.0.beta1)
      diff-lcs (>= 1.2.0, < 2.0)
      rspec-support (= 3.5.0.beta1)
    rspec-mocks (3.5.0.beta1)
      diff-lcs (>= 1.2.0, < 2.0)
      rspec-support (= 3.5.0.beta1)
    rspec-rails (3.5.0.beta1)
      actionpack (>= 3.0)
      activesupport (>= 3.0)
      railties (>= 3.0)
      rspec-core (= 3.5.0.beta1)
      rspec-expectations (= 3.5.0.beta1)
      rspec-mocks (= 3.5.0.beta1)
      rspec-support (= 3.5.0.beta1)
    rspec-support (3.5.0.beta1)
    ruby-graphviz (1.2.2)
    ruby-ole (1.2.12)
    rubyzip (1.0.0)
    sanitize (2.0.6)
      nokogiri (>= 1.4.4)
    sass (3.4.22)
    sass-rails (5.0.6)
      railties (>= 4.0.0, < 6)
      sass (~> 3.1)
      sprockets (>= 2.8, < 4.0)
      sprockets-rails (>= 2.0, < 4.0)
      tilt (>= 1.1, < 3)
    sdoc (0.4.1)
      json (~> 1.7, >= 1.7.7)
      rdoc (~> 4.0)
    search_cop (1.0.6)
      treetop
    select2-rails (3.5.10)
      thor (~> 0.14)
    shoulda-matchers (3.1.1)
      activesupport (>= 4.0.0)
    sidekiq (4.2.1)
      concurrent-ruby (~> 1.0)
      connection_pool (~> 2.2, >= 2.2.0)
      rack-protection (~> 1.5)
      redis (~> 3.2, >= 3.2.1)
    sidetiq (0.7.2)
      celluloid (>= 0.17.3)
      ice_cube (~> 0.14.0)
      sidekiq (>= 4.1.0)
    simple_form (3.3.1)
      actionpack (> 4, < 5.1)
      activemodel (> 4, < 5.1)
    sitemap_generator (5.1.0)
      builder
    slack-notifier (1.5.1)
    slim (3.0.7)
      temple (~> 0.7.6)
      tilt (>= 1.3.3, < 2.1)
    slop (3.6.0)
    smart_listing (1.2.0)
      coffee-rails
      jquery-rails
      kaminari (~> 0.17)
      rails (>= 3.2)
    sort_alphabetical (1.0.2)
      unicode_utils (>= 1.2.2)
    spreadsheet (1.1.3)
      ruby-ole (>= 1.0)
    sprockets (3.7.0)
      concurrent-ruby (~> 1.0)
      rack (> 1, < 3)
    sprockets-rails (2.3.3)
      actionpack (>= 3.0)
      activesupport (>= 3.0)
      sprockets (>= 2.8, < 4.0)
    sshkit (1.11.3)
      net-scp (>= 1.1.2)
      net-ssh (>= 2.8.0)
    temple (0.7.7)
    thor (0.19.1)
    thread_safe (0.3.5)
    tilt (2.0.5)
    timers (4.1.1)
      hitimes
    traceroute (0.5.0)
      rails (>= 3.0.0)
    treetop (1.6.8)
      polyglot (~> 0.3)
    truncate_html (0.9.3)
    turbolinks (5.0.1)
      turbolinks-source (~> 5)
    turbolinks-source (5.0.0)
    tzinfo (1.2.2)
      thread_safe (~> 0.1)
    uglifier (3.0.2)
      execjs (>= 0.3.0, < 3)
    unicode_utils (1.4.0)
    uniform_notifier (1.10.0)
    virtus (1.0.5)
      axiom-types (~> 0.1)
      coercible (~> 1.0)
      descendants_tracker (~> 0.0, >= 0.0.3)
      equalizer (~> 0.0, >= 0.0.9)
    warden (1.2.6)
      rack (>= 1.0)
    whenever (0.9.7)
      chronic (>= 0.6.3)
    wicked_pdf (1.1.0)
    wkhtmltopdf-binary (0.12.3)
    workflow (1.0.0)
    wysiwyg-rails (2.3.4)
      font-awesome-rails (~> 4.4, >= 4.4.0.0)
      railties (>= 3.2, < 6.0)
    zip-zip (0.3)
      rubyzip (>= 1.0.0)

PLATFORMS
  ruby

DEPENDENCIES
  annotate
  authorizenet
  autonumeric-rails
  axlsx
  axlsx_rails
  better_errors (~> 2.1.1)
  binding_of_caller (~> 0.7.2)
  bootstrap-sass (~> 3.3.4)
  bootstrap-select-rails
  bullet
  canonical-rails
  capistrano (~> 3.5.0)
  capistrano-passenger
  capistrano-rails
  capistrano-rvm
  capistrano-sidekiq
  capistrano-ssh-doctor
  carrierwave (~> 0.10.0)
  cocoon
  coffee-rails (~> 4.0.0)
  country_select
  csv-importer
  database_cleaner
  devise (~> 3.5.6)
  devise_invitable
  dotenv-rails
  enumerize (~> 0.11.0)
  factory_girl_rails
  ffaker (~> 2.1)
  figaro
  font-awesome-rails
  forem!
  forem-theme-base!
  friendly_id
  jbuilder (~> 1.2)
  jquery-rails (~> 4.0.3)
  jquery-turbolinks
  jquery-ui-rails (~> 5.0.5)
  kaminari
  letter_opener
  meta_request (~> 0.3.4)
  mini_magick
  parsley-rails
  passenger
  pg
  pry-byebug (~> 3.1.0)
  pry-rails (~> 0.3.4)
  public_activity
  pundit (~> 1.0.1)
  rack-rewrite (~> 1.5.0)
  rails (= 4.2.6)
  rails-erd
  rails-i18n
  rails-settings-cached
  recaptcha
  remotipart
  rollbar
  roo
  rspec-rails (= 3.5.0.beta1)
  rubyzip
  sass-rails (~> 5.0.3)
  sdoc
  search_cop
  shoulda-matchers
  sidekiq
  sidetiq
  simple_form
  sitemap_generator
  slack-notifier
  slim (~> 3.0.3)
  smart_listing
  sprockets-rails (~> 2.3.1)
  traceroute
  truncate_html
  turbolinks
  uglifier (>= 1.3.0)
  whenever
  wicked_pdf
  wkhtmltopdf-binary
  wysiwyg-rails
  zip-zip

RUBY VERSION
   ruby 2.3.0p0

BUNDLED WITH
   1.12.5
